PATH
  remote: .
  specs:
    admin_generator (0.1.0)

GEM
  remote: https://rubygems.org/
  specs:
    rake (13.2.1)

PLATFORMS
  ruby
  x86_64-darwin-24

DEPENDENCIES
  admin_generator!
  rake (~> 13.0)

BUNDLED WITH
   2.5.22
